GEM
  remote: https://rubygems.org/
  specs:
    activemodel (7.0.3)
      activesupport (= 7.0.3)
    activerecord (7.0.3)
      activemodel (= 7.0.3)
      activesupport (= 7.0.3)
    activesupport (7.0.3)
      concurrent-ruby (~> 1.0, >= 1.0.2)
      i18n (>= 1.6, < 2)
      minitest (>= 5.1)
      tzinfo (~> 2.0)
    concurrent-ruby (1.1.10)
    fxruby (1.6.45-x64-mingw-ucrt)
      mini_portile2 (~> 2.1)
    i18n (1.10.0)
      concurrent-ruby (~> 1.0)
    mini_portile2 (2.8.0)
    minitest (5.15.0)
    mysql2 (0.5.4)
    shoes (3.0.1)
    sqlite3 (1.4.2)
    tk (0.4.0)
    tzinfo (2.0.4)
      concurrent-ruby (~> 1.0)

PLATFORMS
  x64-mingw-ucrt

DEPENDENCIES
  activerecord (~> 7.0, >= 7.0.3)
  fxruby (~> 1.6, >= 1.6.45)
  mysql2 (~> 0.5.4)
  shoes (~> 3.0, >= 3.0.1)
  sqlite3 (~> 1.4, >= 1.4.2)
  tk (~> 0.4.0)

BUNDLED WITH
   2.3.13
