GEM
  remote: https://rubygems.org/
  specs:
    mysql2 (0.5.4)
    sqlite3 (1.4.2)

PLATFORMS
  x64-mingw-ucrt

DEPENDENCIES
  mysql2 (~> 0.5.4)
  sqlite3 (~> 1.4, >= 1.4.2)

BUNDLED WITH
   2.3.13
